GEM
  remote: https://rubygems.org/
  specs:
    activesupport (6.1.3)
      concurrent-ruby (~> 1.0, >= 1.0.2)
      i18n (>= 1.6, < 2)
      minitest (>= 5.1)
      tzinfo (~> 2.0)
      zeitwerk (~> 2.3)
    aws-eventstream (1.1.1)
    aws-partitions (1.437.0)
    aws-sdk-core (3.113.1)
      aws-eventstream (~> 1, >= 1.0.2)
      aws-partitions (~> 1, >= 1.239.0)
      aws-sigv4 (~> 1.1)
      jmespath (~> 1.0)
    aws-sdk-ecr (1.42.0)
      aws-sdk-core (~> 3, >= 3.112.0)
      aws-sigv4 (~> 1.1)
    aws-sigv4 (1.2.3)
      aws-eventstream (~> 1, >= 1.0.2)
    colored2 (3.1.2)
    concourse.rb (0.4.0)
      dry-schema (~> 0.5)
      excon (~> 0.72)
      semantic (~> 1.5)
    concurrent-ruby (1.1.8)
    confidante (0.27.0)
      activesupport (>= 4)
      hiera (~> 3.3, >= 3.3.1)
      shikashi (~> 0.6)
    docker-api (1.34.2)
      excon (>= 0.47.0)
      multi_json
    dry-configurable (0.12.1)
      concurrent-ruby (~> 1.0)
      dry-core (~> 0.5, >= 0.5.0)
    dry-container (0.7.2)
      concurrent-ruby (~> 1.0)
      dry-configurable (~> 0.1, >= 0.1.3)
    dry-core (0.5.0)
      concurrent-ruby (~> 1.0)
    dry-equalizer (0.3.0)
    dry-inflector (0.2.0)
    dry-initializer (3.0.4)
    dry-logic (1.1.0)
      concurrent-ruby (~> 1.0)
      dry-core (~> 0.5, >= 0.5)
    dry-schema (0.6.0)
      concurrent-ruby (~> 1.0)
      dry-configurable (~> 0.8, >= 0.8.0)
      dry-core (~> 0.4)
      dry-equalizer (~> 0.2)
      dry-initializer (~> 3.0)
      dry-logic (~> 1.0)
      dry-types (~> 1.0)
    dry-types (1.5.1)
      concurrent-ruby (~> 1.0)
      dry-container (~> 0.3)
      dry-core (~> 0.5, >= 0.5)
      dry-inflector (~> 0.1, >= 0.1.2)
      dry-logic (~> 1.0, >= 1.0.2)
    evalhook (0.6.0)
      partialruby (~> 0.3)
      sexp_processor (~> 4.0)
    excon (0.79.0)
    getsource (0.2.2)
    git (1.8.1)
      rchardet (~> 1.8)
    hamster (3.0.0)
      concurrent-ruby (~> 1.0)
    hiera (3.6.0)
    i18n (1.8.9)
      concurrent-ruby (~> 1.0)
    jmespath (1.4.0)
    lino (1.7.0)
      hamster (~> 3.0)
      open4 (~> 1.3)
    minitar (0.9)
    minitest (5.14.4)
    multi_json (1.15.0)
    open4 (1.3.4)
    partialruby (0.3.0)
      ruby2ruby (~> 2)
      ruby_parser (~> 3)
    rake (13.0.3)
    rake_dependencies (2.9.0)
      hamster (~> 3.0)
      minitar (~> 0.9)
      rake_factory (~> 0.23)
      rubyzip (>= 1.3)
    rake_docker (2.13.0)
      aws-sdk-ecr (~> 1.2)
      colored2 (~> 3.1)
      docker-api (~> 1.34)
      rake_factory (~> 0.23)
    rake_factory (0.29.0)
      activesupport (>= 4)
      rake (~> 13.0)
    rake_fly (2.7.0)
      concourse.rb (>= 0.4)
      rake_dependencies (~> 2, < 3)
      rake_factory (>= 0.29, < 1)
      ruby_fly (>= 0.35)
      semantic (~> 1.6.1)
    rchardet (1.8.0)
    ruby2ruby (2.4.4)
      ruby_parser (~> 3.1)
      sexp_processor (~> 4.6)
    ruby_fly (0.35.0)
      lino (>= 1.5)
    ruby_parser (3.15.1)
      sexp_processor (~> 4.9)
    rubyzip (2.3.0)
    semantic (1.6.1)
    sexp_processor (4.15.2)
    shikashi (0.6.0)
      evalhook (>= 0.6.0)
      getsource (>= 0.1.0)
    tzinfo (2.0.4)
      concurrent-ruby (~> 1.0)
    zeitwerk (2.4.2)

PLATFORMS
  x86_64-darwin-19
  x86_64-linux

DEPENDENCIES
  confidante (~> 0.27)
  git (~> 1.8)
  rake (~> 13.0)
  rake_docker (~> 2.13)
  rake_fly (~> 2.7)

BUNDLED WITH
   2.2.15
